GEM
  remote: https://rubygems.org/
  specs:
    blankslate (2.1.2.4)
    chunky_png (1.2.8)
    colorize (0.5.8)
    compass (0.12.2)
      chunky_png (~> 1.2)
      fssm (>= 0.2.7)
      sass (~> 3.1)
    csscss (1.3.1)
      colorize
      parslet (~> 1.5)
    fssm (0.2.10)
    parslet (1.5.0)
      blankslate (~> 2.0)
    sass (3.2.8)

PLATFORMS
  ruby

DEPENDENCIES
  compass
  csscss
